GEM
  remote: https://rubygems.org/
  specs:
    eventmachine (1.0.8)

PLATFORMS
  ruby

DEPENDENCIES
  eventmachine

BUNDLED WITH
   1.11.2
